GEM
  remote: https://rubygems.org/
  specs:
    bourbon (3.1.8)
      sass (>= 3.2.0)
      thor
    chunky_png (1.3.0)
    compass (0.12.2)
      chunky_png (~> 1.2)
      fssm (>= 0.2.7)
      sass (~> 3.1)
    fssm (0.2.10)
    sass (3.2.14)
    thor (0.18.1)

PLATFORMS
  ruby

DEPENDENCIES
  bourbon
  compass
  sass
